PATH
  remote: .
  specs:
    transfuse (0.0.1)
      bindeps (~> 1.0, >= 1.0.1)
      bio (~> 1.4, >= 1.4.3)
      fixwhich (~> 1.0, >= 1.0.2)
      transrate
      trollop (~> 2.0)

GEM
  remote: https://rubygems.org/
  specs:
    ansi (1.4.3)
    bindeps (1.1.2)
      fixwhich (~> 1.0, >= 1.0.2)
    bio (1.4.3.0001)
    coveralls (0.7.2)
      multi_json (~> 1.3)
      rest-client (= 1.6.7)
      simplecov (>= 0.7)
      term-ansicolor (= 1.2.2)
      thor (= 0.18.1)
    crb-blast (0.6.4)
      bindeps (~> 1.0, >= 1.0.3)
      bio (~> 1.4, >= 1.4.3)
      fixwhich (~> 1.0, >= 1.0.2)
      threach (~> 0.2, >= 0.2.0)
      trollop (~> 2.0)
    docile (1.1.5)
    facade (1.0.6)
    fix-trinity-output (1.0.0)
      trollop (~> 2.0)
    fixwhich (1.0.2)
      pathname2 (~> 1.4, >= 1.4.4)
    mime-types (2.4.3)
    minitest (4.7.5)
    multi_json (1.10.1)
    pathname2 (1.7.3)
      facade
    rake (10.3.2)
    rest-client (1.6.7)
      mime-types (>= 1.16)
    shoulda-context (1.2.1)
    simplecov (0.9.0)
      docile (~> 1.1.0)
      multi_json
      simplecov-html (~> 0.8.0)
    simplecov-html (0.8.0)
    term-ansicolor (1.2.2)
      tins (~> 0.8)
    thor (0.18.1)
    threach (0.2.0)
    tins (0.13.2)
    transrate (1.0.0.beta3)
      bindeps (~> 1.1, >= 1.1.2)
      bio (~> 1.4, >= 1.4.3)
      crb-blast (~> 0.5, >= 0.5.1)
      fix-trinity-output (~> 1.0, >= 1.0)
      trollop (~> 2.0, >= 2.0.0)
      yell (~> 2.0, >= 2.0.4)
    trollop (2.1.1)
    turn (0.9.7)
      ansi
      minitest (~> 4)
    yell (2.0.5)

PLATFORMS
  ruby

DEPENDENCIES
  coveralls (~> 0.7)
  rake (~> 10.3, >= 10.3.2)
  shoulda-context (~> 1.2, >= 1.2.1)
  simplecov (~> 0.8, >= 0.8.2)
  transfuse!
  turn (~> 0.9, >= 0.9.7)
