PATH
  remote: .
  specs:
    transfuse (0.1.1)
      bindeps (~> 1.0, >= 1.0.1)
      bio (~> 1.4, >= 1.4.3)
      fixwhich (~> 1.0, >= 1.0.2)
      transrate (= 1.0.0.beta3)
      trollop (~> 2.0)

GEM
  remote: https://rubygems.org/
  specs:
    ansi (1.5.0)
    bindeps (1.1.2)
      fixwhich (~> 1.0, >= 1.0.2)
    bio (1.4.3.0001)
    coveralls (0.8.1)
      json (~> 1.8)
      rest-client (>= 1.6.8, < 2)
      simplecov (~> 0.10.0)
      term-ansicolor (~> 1.3)
      thor (~> 0.19.1)
    crb-blast (0.6.4)
      bindeps (~> 1.0, >= 1.0.3)
      bio (~> 1.4, >= 1.4.3)
      fixwhich (~> 1.0, >= 1.0.2)
      threach (~> 0.2, >= 0.2.0)
      trollop (~> 2.0)
    docile (1.1.5)
    domain_name (0.5.24)
      unf (>= 0.0.5, < 1.0.0)
    facade (1.0.6)
    fix-trinity-output (1.0.0)
      trollop (~> 2.0)
    fixwhich (1.0.2)
      pathname2 (~> 1.4, >= 1.4.4)
    http-cookie (1.0.2)
      domain_name (~> 0.5)
    json (1.8.3)
    mime-types (2.6.1)
    minitest (4.7.5)
    netrc (0.10.3)
    pathname2 (1.7.3)
      facade
    rake (10.4.2)
    rest-client (1.8.0)
      http-cookie (>= 1.0.2, < 2.0)
      mime-types (>= 1.16, < 3.0)
      netrc (~> 0.7)
    shoulda-context (1.2.1)
    simplecov (0.10.0)
      docile (~> 1.1.0)
      json (~> 1.8)
      simplecov-html (~> 0.10.0)
    simplecov-html (0.10.0)
    term-ansicolor (1.3.0)
      tins (~> 1.0)
    thor (0.19.1)
    threach (0.2.0)
    tins (1.5.2)
    transrate (1.0.0.beta3)
      bindeps (~> 1.1, >= 1.1.2)
      bio (~> 1.4, >= 1.4.3)
      crb-blast (~> 0.5, >= 0.5.0)
      fix-trinity-output (~> 1.0, >= 1.0)
      trollop (~> 2.0, >= 2.0.0)
      yell (~> 2.0, >= 2.0.4)
    trollop (2.1.1)
    turn (0.9.7)
      ansi
      minitest (~> 4)
    unf (0.1.4)
      unf_ext
    unf_ext (0.0.7.1)
    yell (2.0.5)

PLATFORMS
  ruby

DEPENDENCIES
  coveralls (~> 0.7)
  rake (~> 10.3, >= 10.3.2)
  shoulda-context (~> 1.2, >= 1.2.1)
  simplecov (~> 0.8, >= 0.8.2)
  transfuse!
  turn (~> 0.9, >= 0.9.7)
